GEM
  remote: https://rubygems.org/
  specs:
    nio4r (2.5.8)
    puma (6.0.2)
      nio4r (~> 2.0)
    rack (3.0.4.1)

PLATFORMS
  ruby

DEPENDENCIES
  puma
  rack

RUBY VERSION
   ruby 3.2.0p0

BUNDLED WITH
   2.4.4
